GEM
  remote: https://rubygems.org/
  specs:
    byebug (11.0.1)
    coderay (1.1.2)
    method_source (0.9.2)
    pry (0.12.2)
      coderay (~> 1.1.0)
      method_source (~> 0.9.0)
    rmagick (3.1.0)

PLATFORMS
  ruby

DEPENDENCIES
  byebug
  pry
  rmagick

BUNDLED WITH
   1.17.2
